GEM
  remote: https://rubygems.org/
  specs:
    dotenv (2.7.4)
    httparty (0.17.0)
      mime-types (~> 3.0)
      multi_xml (>= 0.5.2)
    mime-types (3.2.2)
      mime-types-data (~> 3.2015)
    mime-types-data (3.2019.0331)
    multi_xml (0.6.0)

PLATFORMS
  ruby

DEPENDENCIES
  dotenv
  httparty

BUNDLED WITH
   1.17.3
